GEM
  remote: https://rubygems.org/
  specs:
    riot (0.12.7)
      rr
    rr (1.2.1)
    rubysl-yaml (2.1.0)

PLATFORMS
  ruby

DEPENDENCIES
  riot
  rubysl-yaml (~> 2.1)

BUNDLED WITH
   1.17.2
